PATH
  remote: .
  specs:
    abaci (0.1.0)
      redis (>= 2.0)

GEM
  remote: http://rubygems.org/
  specs:
    activesupport (3.2.8)
      i18n (~> 0.6)
      multi_json (~> 1.0)
    ansi (1.4.3)
    i18n (0.6.1)
    json (1.7.5)
    metaclass (0.0.1)
    minitest (4.1.0)
    mocha (0.12.7)
      metaclass (~> 0.0.1)
    multi_json (1.3.6)
    rake (0.9.2.2)
    rdoc (3.12)
      json (~> 1.4)
    redis (3.0.2)
    shoulda (3.3.2)
      shoulda-context (~> 1.0.1)
      shoulda-matchers (~> 1.4.1)
    shoulda-context (1.0.1)
    shoulda-matchers (1.4.1)
      activesupport (>= 3.0.0)
    simplecov (0.7.1)
      multi_json (~> 1.0)
      simplecov-html (~> 0.7.1)
    simplecov-html (0.7.1)
    turn (0.9.6)
      ansi
    yard (0.8.2.1)

PLATFORMS
  ruby

DEPENDENCIES
  abaci!
  minitest
  mocha (~> 0.10)
  rake
  rdoc
  shoulda (~> 3.0)
  simplecov
  turn
  yard
